GEM
  remote: https://rubygems.org/
  specs:
    diffy (3.4.0)

PLATFORMS
  ruby

DEPENDENCIES
  diffy

BUNDLED WITH
   2.1.4
